GEM
  remote: https://rubygems.org/
  specs:
    byebug (11.1.3)
    nokogiri (1.11.5-x86_64-linux)
      racc (~> 1.4)
    racc (1.5.2)

PLATFORMS
  x86_64-linux

DEPENDENCIES
  byebug
  nokogiri

RUBY VERSION
   ruby 2.7.0p0

BUNDLED WITH
   2.2.17
